GEM
  remote: https://rubygems.org/
  specs:
    amq-protocol (1.9.2)
    atomic (1.1.14)
    beefcake (0.5.0)
    blankslate (2.1.2.4)
    bunny (1.1.2)
      amq-protocol (>= 1.9.2)
    file-tail (1.0.12)
      tins (~> 0.5)
    kgio (2.9.1)
    mime-types (2.1)
    mtrc (0.0.4)
    parslet (1.4.0)
      blankslate (~> 2.0)
    rack (1.5.2)
    rack-protection (1.5.2)
      rack
    rack-test (0.6.2)
      rack (>= 1.0)
    raindrops (0.12.0)
    rest-client (1.6.7)
      mime-types (>= 1.16)
    riemann-client (0.2.2)
      beefcake (>= 0.3.5)
      mtrc (>= 0.0.4)
      trollop (>= 1.16.2)
    ruby2ruby (1.3.1)
      ruby_parser (~> 2.0)
      sexp_processor (~> 3.0)
    ruby_parser (2.3.1)
      sexp_processor (~> 3.0)
    rufus-cloche (1.0.4)
      rufus-json (>= 1.0.3)
    rufus-dollar (1.0.4)
    rufus-json (1.0.6)
    rufus-mnemo (1.2.3)
    rufus-scheduler (2.0.24)
      tzinfo (>= 0.3.22)
    rufus-treechecker (1.0.8)
      ruby_parser (>= 2.0.5)
    ruote (2.3.0.3)
      blankslate (= 2.1.2.4)
      parslet (= 1.4.0)
      ruby_parser (~> 2.3)
      rufus-cloche (>= 1.0.2)
      rufus-dollar (>= 1.0.4)
      rufus-json (>= 1.0.1)
      rufus-mnemo (>= 1.2.2)
      rufus-scheduler (= 2.0.24)
      rufus-treechecker (>= 1.0.8)
      sourcify (= 0.5.0)
    sexp_processor (3.2.0)
    sinatra (1.4.4)
      rack (~> 1.4)
      rack-protection (~> 1.4)
      tilt (~> 1.3, >= 1.3.4)
    sourcify (0.5.0)
      file-tail (>= 1.0.5)
      ruby2ruby (>= 1.2.5)
      ruby_parser (>= 2.0.5)
      sexp_processor (>= 3.0.5)
    test-unit (2.5.5)
    thread_safe (0.1.3)
      atomic
    tilt (1.4.1)
    tins (0.13.2)
    trollop (2.0)
    tzinfo (1.1.0)
      thread_safe (~> 0.1)
    unicorn (4.8.2)
      kgio (~> 2.6)
      rack
      raindrops (~> 0.7)

PLATFORMS
  ruby

DEPENDENCIES
  bunny (~> 1.1.2)
  rack-test (~> 0.6.2)
  rest-client (~> 1.6.7)
  riemann-client (~> 0.2.2)
  rufus-scheduler (~> 2.0.24)
  ruote (~> 2.3.0.2)
  sinatra (~> 1.4.4)
  test-unit (~> 2.5.5)
  unicorn (~> 4.8.2)
